GEM
  remote: https://rubygems.org/
  specs:
    httparty (0.21.0)
      mini_mime (>= 1.0.0)
      multi_xml (>= 0.5.2)
    mini_mime (1.1.2)
    multi_xml (0.6.0)
    rack (3.0.6.1)
    roda (3.66.0)
      rack

PLATFORMS
  x86_64-linux

DEPENDENCIES
  httparty (= 0.21.0)
  roda (~> 3.66)

RUBY VERSION
   ruby 3.2.0p0

BUNDLED WITH
   2.4.1
