GEM
  remote: https://rubygems.org/
  specs:
    debug (1.7.1)
      irb (>= 1.5.0)
      reline (>= 0.3.1)
    diff-lcs (1.5.0)
    dotenv (2.8.1)
    httparty (0.21.0)
      mini_mime (>= 1.0.0)
      multi_xml (>= 0.5.2)
    io-console (0.6.0)
    irb (1.6.2)
      reline (>= 0.3.0)
    mini_mime (1.1.2)
    multi_xml (0.6.0)
    rack (2.2.6.2)
    reline (0.3.2)
      io-console (~> 0.5)
    roda (3.66.0)
      rack
    rspec (3.12.0)
      rspec-core (~> 3.12.0)
      rspec-expectations (~> 3.12.0)
      rspec-mocks (~> 3.12.0)
    rspec-core (3.12.1)
      rspec-support (~> 3.12.0)
    rspec-expectations (3.12.2)
      diff-lcs (>= 1.2.0, < 2.0)
      rspec-support (~> 3.12.0)
    rspec-mocks (3.12.4)
      diff-lcs (>= 1.2.0, < 2.0)
      rspec-support (~> 3.12.0)
    rspec-support (3.12.0)

PLATFORMS
  x86_64-linux

DEPENDENCIES
  debug (~> 1.7.1)
  dotenv (~> 2.8)
  httparty (= 0.21.0)
  roda (~> 3.66)
  rspec (~> 3.12)

RUBY VERSION
   ruby 3.2.0p0

BUNDLED WITH
   2.4.1
